GEM
  remote: https://rubygems.org/
  specs:
    ast (2.4.2)
    debug (1.7.1)
      irb (>= 1.5.0)
      reline (>= 0.3.1)
    io-console (0.6.0)
    ipaddr (1.2.5)
    irb (1.6.3)
      reline (>= 0.3.0)
    json (2.6.3)
    mrd_prime (0.1.0)
      openssl (~> 2)
    openssl (2.2.3)
      ipaddr
    parallel (1.22.1)
    parser (3.2.1.0)
      ast (~> 2.4.1)
    rainbow (3.1.1)
    regexp_parser (2.7.0)
    reline (0.3.3)
      io-console (~> 0.5)
    rexml (3.2.5)
    rubocop (1.46.0)
      json (~> 2.3)
      parallel (~> 1.10)
      parser (>= 3.2.0.0)
      rainbow (>= 2.2.2, < 4.0)
      regexp_parser (>= 1.8, < 3.0)
      rexml (>= 3.2.5, < 4.0)
      rubocop-ast (>= 1.26.0, < 2.0)
      ruby-progressbar (~> 1.7)
      unicode-display_width (>= 2.4.0, < 3.0)
    rubocop-ast (1.26.0)
      parser (>= 3.2.1.0)
    ruby-progressbar (1.11.0)
    unicode-display_width (2.4.2)

PLATFORMS
  x86_64-linux

DEPENDENCIES
  debug
  mrd_prime
  rubocop

BUNDLED WITH
   2.4.6
